GIT
  remote: git://github.com/activeadmin/inherited_resources.git
  revision: 4434f0ae72f790cf371728838c927c338100555d
  specs:
    inherited_resources (1.6.0)
      actionpack (>= 3.2, < 5.1)
      has_scope (~> 0.6)
      railties (>= 3.2, < 5.1)
      responders

GIT
  remote: git://github.com/activerecord-hackery/ransack.git
  revision: ae237535c75e03742aed1c94f251ecd3b1ab991e
  specs:
    ransack (1.8.2)
      actionpack (>= 3.0)
      activerecord (>= 3.0)
      activesupport (>= 3.0)
      i18n
      polyamorous (~> 1.3)

GIT
  remote: git://github.com/amatsuda/kaminari.git
  revision: abbf93d557208ee1d0b612c612cd079f86ed54f4
  branch: 0-17-stable
  specs:
    kaminari (0.17.0)
      actionpack (>= 3.0.0)
      activesupport (>= 3.0.0)

GIT
  remote: git://github.com/justinfrench/formtastic.git
  revision: 06c5d47a7e4a64b61fa53a39adf22fa1f9681716
  specs:
    formtastic (3.2.0.pre)
      actionpack (>= 4.1.0)

GIT
  remote: git://github.com/rails/activemodel-serializers-xml.git
  revision: 570ee7ed33d60e44ca1f3ccbec3d1fbf61d52cbf
  specs:
    activemodel-serializers-xml (1.0.1)
      activemodel (> 5.x)
      activerecord (> 5.x)
      activesupport (> 5.x)
      builder (~> 3.1)

GEM
  remote: https://rubygems.org/
  specs:
    actioncable (5.0.0.1)
      actionpack (= 5.0.0.1)
      nio4r (~> 1.2)
      websocket-driver (~> 0.6.1)
    actionmailer (5.0.0.1)
      actionpack (= 5.0.0.1)
      actionview (= 5.0.0.1)
      activejob (= 5.0.0.1)
      mail (~> 2.5, >= 2.5.4)
      rails-dom-testing (~> 2.0)
    actionpack (5.0.0.1)
      actionview (= 5.0.0.1)
      activesupport (= 5.0.0.1)
      rack (~> 2.0)
      rack-test (~> 0.6.3)
      rails-dom-testing (~> 2.0)
      rails-html-sanitizer (~> 1.0, >= 1.0.2)
    actionview (5.0.0.1)
      activesupport (= 5.0.0.1)
      builder (~> 3.1)
      erubis (~> 2.7.0)
      rails-dom-testing (~> 2.0)
      rails-html-sanitizer (~> 1.0, >= 1.0.2)
    active_skin (0.0.12)
    activeadmin (1.0.0.pre4)
      arbre (~> 1.0, >= 1.0.2)
      bourbon
      coffee-rails
      formtastic (~> 3.1)
      formtastic_i18n
      inherited_resources (~> 1.6)
      jquery-rails
      jquery-ui-rails
      kaminari (~> 0.15)
      rails (>= 3.2, < 5.1)
      ransack (~> 1.3)
      sass-rails
      sprockets (< 4)
    activeadmin_addons (0.9.3)
      railties
      select2-rails (~> 3.5.9)
      xdan-datetimepicker-rails (~> 2.5.1)
    activejob (5.0.0.1)
      activesupport (= 5.0.0.1)
      globalid (>= 0.3.6)
    activemodel (5.0.0.1)
      activesupport (= 5.0.0.1)
    activerecord (5.0.0.1)
      activemodel (= 5.0.0.1)
      activesupport (= 5.0.0.1)
      arel (~> 7.0)
    activesupport (5.0.0.1)
      concurrent-ruby (~> 1.0, >= 1.0.2)
      i18n (~> 0.7)
      minitest (~> 5.1)
      tzinfo (~> 1.1)
    addressable (2.4.0)
    airbrake (5.5.0)
      airbrake-ruby (~> 1.5)
    airbrake-ruby (1.5.0)
    airbrussh (1.1.1)
      sshkit (>= 1.6.1, != 1.7.0)
    arbre (1.1.1)
      activesupport (>= 3.0.0)
    arel (7.1.2)
    ast (2.3.0)
    bcrypt (3.1.11)
    better_errors (2.1.1)
      coderay (>= 1.0.0)
      erubis (>= 2.6.6)
      rack (>= 0.9.0)
    bourbon (4.2.7)
      sass (~> 3.4)
      thor (~> 0.19)
    builder (3.2.2)
    byebug (9.0.6)
    cancancan (1.15.0)
    capistrano (3.6.1)
      airbrussh (>= 1.0.0)
      capistrano-harrow
      i18n
      rake (>= 10.0.0)
      sshkit (>= 1.9.0)
    capistrano-bundler (1.2.0)
      capistrano (~> 3.1)
      sshkit (~> 1.2)
    capistrano-harrow (0.5.3)
    capistrano-jspm (2.0.0)
      capistrano (~> 3.0)
    capistrano-npm (1.0.2)
      capistrano (>= 3.0.0)
    capistrano-rails (1.1.8)
      capistrano (~> 3.1)
      capistrano-bundler (~> 1.1)
    capistrano-rails-console (2.1.0)
      capistrano (>= 3.5.0, < 4.0.0)
      sshkit-interactive (~> 0.2.0)
    capistrano-rails-db (0.0.2)
      capistrano-rails (~> 1.1)
    capistrano-rvm (0.1.2)
      capistrano (~> 3.0)
      sshkit (~> 1.2)
    capistrano3-puma (1.2.1)
      capistrano (~> 3.0)
      puma (>= 2.6)
    chronic (0.10.2)
    ckeditor (4.2.0)
      cocaine
      orm_adapter (~> 0.5.0)
    climate_control (0.0.3)
      activesupport (>= 3.0)
    cocaine (0.5.8)
      climate_control (>= 0.0.3, < 1.0)
    coderay (1.1.1)
    coffee-rails (4.1.1)
      coffee-script (>= 2.2.0)
      railties (>= 4.0.0, < 5.1.x)
    coffee-script (2.4.1)
      coffee-script-source
      execjs
    coffee-script-source (1.10.0)
    concurrent-ruby (1.0.2)
    countries (1.2.5)
      currencies (~> 0.4.2)
      i18n_data (~> 0.7.0)
    currencies (0.4.2)
    database_cleaner (1.5.3)
    debug_inspector (0.0.2)
    devise (4.2.0)
      bcrypt (~> 3.0)
      orm_adapter (~> 0.1)
      railties (>= 4.1.0, < 5.1)
      responders
      warden (~> 1.2.3)
    diff-lcs (1.2.5)
    draper (3.0.0.pre1)
      actionpack (~> 5.0)
      activemodel (~> 5.0)
      activemodel-serializers-xml (~> 1.0)
      activesupport (~> 5.0)
      request_store (~> 1.0)
    erubis (2.7.0)
    execjs (2.7.0)
    ffi (1.9.14)
    font-awesome-rails (4.6.3.1)
      railties (>= 3.2, < 5.1)
    formtastic_i18n (0.6.0)
    friendly_id (5.1.0)
      activerecord (>= 4.0.0)
    geocoder (1.4.0)
    globalid (0.3.7)
      activesupport (>= 4.1.0)
    has_scope (0.7.0)
      actionpack (>= 4.1, < 5.1)
      activesupport (>= 4.1, < 5.1)
    httparty (0.14.0)
      multi_xml (>= 0.5.2)
    i18n (0.7.0)
    i18n_data (0.7.0)
    inline_svg (0.11.0)
      activesupport (>= 4.0)
      loofah (>= 2.0)
      nokogiri (~> 1.6)
    jbuilder (2.6.0)
      activesupport (>= 3.0.0, < 5.1)
      multi_json (~> 1.2)
    jquery-rails (4.2.1)
      rails-dom-testing (>= 1, < 3)
      railties (>= 4.2.0)
      thor (>= 0.14, < 2.0)
    jquery-ui-rails (5.0.5)
      railties (>= 3.2.16)
    launchy (2.4.3)
      addressable (~> 2.3)
    letter_opener (1.4.1)
      launchy (~> 2.2)
    listen (3.0.8)
      rb-fsevent (~> 0.9, >= 0.9.4)
      rb-inotify (~> 0.9, >= 0.9.7)
    loofah (2.0.3)
      nokogiri (>= 1.5.9)
    mail (2.6.4)
      mime-types (>= 1.16, < 4)
    method_source (0.8.2)
    mime-types (3.1)
      mime-types-data (~> 3.2015)
    mime-types-data (3.2016.0521)
    mimemagic (0.3.2)
    mini_portile2 (2.1.0)
    minitest (5.9.1)
    multi_json (1.12.1)
    multi_xml (0.5.5)
    net-scp (1.2.1)
      net-ssh (>= 2.6.5)
    net-ssh (3.2.0)
    nio4r (1.2.1)
    nokogiri (1.6.8)
      mini_portile2 (~> 2.1.0)
      pkg-config (~> 1.1.7)
    orm_adapter (0.5.0)
    paperclip (5.1.0)
      activemodel (>= 4.2.0)
      activesupport (>= 4.2.0)
      cocaine (~> 0.5.5)
      mime-types
      mimemagic (~> 0.3.0)
    parser (2.3.1.4)
      ast (~> 2.2)
    pg (0.19.0)
    phantomjs (2.1.1.0)
    pkg-config (1.1.7)
    polyamorous (1.3.1)
      activerecord (>= 3.0)
    powerpack (0.1.1)
    puma (3.6.0)
    pundit (1.1.0)
      activesupport (>= 3.0.0)
    rack (2.0.1)
    rack-test (0.6.3)
      rack (>= 1.0)
    rails (5.0.0.1)
      actioncable (= 5.0.0.1)
      actionmailer (= 5.0.0.1)
      actionpack (= 5.0.0.1)
      actionview (= 5.0.0.1)
      activejob (= 5.0.0.1)
      activemodel (= 5.0.0.1)
      activerecord (= 5.0.0.1)
      activesupport (= 5.0.0.1)
      bundler (>= 1.3.0, < 2.0)
      railties (= 5.0.0.1)
      sprockets-rails (>= 2.0.0)
    rails-dom-testing (2.0.1)
      activesupport (>= 4.2.0, < 6.0)
      nokogiri (~> 1.6.0)
    rails-html-sanitizer (1.0.3)
      loofah (~> 2.0)
    railties (5.0.0.1)
      actionpack (= 5.0.0.1)
      activesupport (= 5.0.0.1)
      method_source
      rake (>= 0.8.7)
      thor (>= 0.18.1, < 2.0)
    rainbow (2.1.0)
    rake (11.3.0)
    rb-fsevent (0.9.7)
    rb-inotify (0.9.7)
      ffi (>= 0.5.0)
    request_store (1.3.1)
    responders (2.3.0)
      railties (>= 4.2.0, < 5.1)
    rspec-core (3.5.4)
      rspec-support (~> 3.5.0)
    rspec-expectations (3.5.0)
      diff-lcs (>= 1.2.0, < 2.0)
      rspec-support (~> 3.5.0)
    rspec-mocks (3.5.0)
      diff-lcs (>= 1.2.0, < 2.0)
      rspec-support (~> 3.5.0)
    rspec-rails (3.5.2)
      actionpack (>= 3.0)
      activesupport (>= 3.0)
      railties (>= 3.0)
      rspec-core (~> 3.5.0)
      rspec-expectations (~> 3.5.0)
      rspec-mocks (~> 3.5.0)
      rspec-support (~> 3.5.0)
    rspec-support (3.5.0)
    rubocop (0.43.0)
      parser (>= 2.3.1.1, < 3.0)
      powerpack (~> 0.1)
      rainbow (>= 1.99.1, < 3.0)
      ruby-progressbar (~> 1.7)
      unicode-display_width (~> 1.0, >= 1.0.1)
    ruby-progressbar (1.8.1)
    sass (3.4.22)
    sass-rails (5.0.6)
      railties (>= 4.0.0, < 6)
      sass (~> 3.1)
      sprockets (>= 2.8, < 4.0)
      sprockets-rails (>= 2.0, < 4.0)
      tilt (>= 1.1, < 3)
    scss_lint (0.50.2)
      rake (>= 0.9, < 12)
      sass (~> 3.4.20)
    select2-rails (3.5.10)
      thor (~> 0.14)
    slim (3.0.7)
      temple (~> 0.7.6)
      tilt (>= 1.3.3, < 2.1)
    songkickr (0.5.5)
      httparty (>= 0.5.0)
    spring (1.7.2)
    spring-watcher-listen (2.0.0)
      listen (>= 2.7, < 4.0)
      spring (~> 1.2)
    sprockets (3.7.0)
      concurrent-ruby (~> 1.0)
      rack (> 1, < 3)
    sprockets-rails (3.2.0)
      actionpack (>= 4.0)
      activesupport (>= 4.0)
      sprockets (>= 3.0.0)
    sshkit (1.11.3)
      net-scp (>= 1.1.2)
      net-ssh (>= 2.8.0)
    sshkit-interactive (0.2.0)
      sshkit (~> 1.9)
    teaspoon (1.1.5)
      railties (>= 3.2.5, < 6)
    teaspoon-jasmine (2.3.4)
      teaspoon (>= 1.0.0)
    temple (0.7.7)
    thor (0.19.1)
    thread_safe (0.3.5)
    tilt (2.0.5)
    turbolinks (5.0.1)
      turbolinks-source (~> 5)
    turbolinks-source (5.0.0)
    tzinfo (1.2.2)
      thread_safe (~> 0.1)
    uglifier (3.0.2)
      execjs (>= 0.3.0, < 3)
    unicode-display_width (1.1.1)
    warden (1.2.6)
      rack (>= 1.0)
    web-console (3.3.1)
      actionview (>= 5.0)
      activemodel (>= 5.0)
      debug_inspector
      railties (>= 5.0)
    websocket-driver (0.6.4)
      websocket-extensions (>= 0.1.0)
    websocket-extensions (0.1.2)
    whenever (0.9.7)
      chronic (>= 0.6.3)
    xdan-datetimepicker-rails (2.5.4)
      jquery-rails
      rails (>= 3.2.16)

PLATFORMS
  ruby

DEPENDENCIES
  active_skin
  activeadmin (~> 1.0.0.pre4)
  activeadmin_addons
  activemodel-serializers-xml!
  airbrake (~> 5.4)
  better_errors
  byebug
  cancancan
  capistrano
  capistrano-bundler
  capistrano-jspm
  capistrano-npm
  capistrano-rails
  capistrano-rails-console
  capistrano-rails-db
  capistrano-rvm
  capistrano3-puma
  ckeditor
  coffee-rails (~> 4.1.0)
  countries
  database_cleaner (~> 1.5, >= 1.5.1)
  devise (> 4.x)
  draper (> 3.x)
  font-awesome-rails
  formtastic!
  friendly_id (~> 5.1.0)
  geocoder
  inherited_resources!
  inline_svg
  jbuilder (~> 2.0)
  kaminari!
  letter_opener
  listen (~> 3.0.5)
  paperclip
  pg
  phantomjs (~> 2.1, >= 2.1.1.0)
  puma
  pundit
  rails (>= 5.0.0, < 5.1)
  ransack!
  rspec-rails (>= 3.5.0.beta1)
  rubocop
  sass-rails (~> 5.0)
  scss_lint
  slim
  songkickr
  spring
  spring-watcher-listen (~> 2.0.0)
  teaspoon-jasmine
  turbolinks (~> 5.x)
  uglifier (>= 1.3.0)
  web-console (~> 3.0)
  whenever

BUNDLED WITH
   1.11.2
